GIT
  remote: git://github.com/bengler/hupper.git
  revision: 4eb51c501d62be1d84e6cd845e4122e21c4b0b62
  specs:
    hupper (0.0.1)

GIT
  remote: git://github.com/benglerpebbles/o5-logging.git
  revision: db9686026912448e19fa0512e46f66c871a45da7
  specs:
    o5-logging (0.0.1)

GIT
  remote: git@github.com:origo/capistrano-bengler.git
  revision: 8e3bb27d90e779b75af1dca83d71b8ad33a69c3e
  specs:
    capistrano-bengler (0.0.11)
      capistrano (>= 2.9)
      capistrano-ext (>= 1.2.1)

GEM
  remote: http://rubygems.org/
  remote: http://gemcutter.org/
  specs:
    GeoRuby (1.3.4)
    addressable (2.2.7)
    bcrypt-ruby (3.0.1)
    capistrano (2.9.0)
      highline
      net-scp (>= 1.0.0)
      net-sftp (>= 2.0.0)
      net-ssh (>= 2.0.14)
      net-ssh-gateway (>= 1.1.0)
    capistrano-ext (1.2.1)
      capistrano (>= 1.0.0)
    coffee-script (2.2.0)
      coffee-script-source
      execjs
    coffee-script-source (1.1.3)
    dalli (2.0.0)
    data_mapper (1.2.0)
      dm-aggregates (~> 1.2.0)
      dm-constraints (~> 1.2.0)
      dm-core (~> 1.2.0)
      dm-migrations (~> 1.2.0)
      dm-serializer (~> 1.2.0)
      dm-timestamps (~> 1.2.0)
      dm-transactions (~> 1.2.0)
      dm-types (~> 1.2.0)
      dm-validations (~> 1.2.0)
    data_objects (0.10.8)
      addressable (~> 2.1)
    dm-aggregates (1.2.0)
      dm-core (~> 1.2.0)
    dm-constraints (1.2.0)
      dm-core (~> 1.2.0)
    dm-core (1.2.0)
      addressable (~> 2.2.6)
    dm-do-adapter (1.2.0)
      data_objects (~> 0.10.6)
      dm-core (~> 1.2.0)
    dm-migrations (1.2.0)
      dm-core (~> 1.2.0)
    dm-postgis (1.1.0)
      GeoRuby
    dm-postgres-adapter (1.2.0)
      dm-do-adapter (~> 1.2.0)
      do_postgres (~> 0.10.6)
    dm-serializer (1.2.1)
      dm-core (~> 1.2.0)
      fastercsv (~> 1.5.4)
      json (~> 1.6.1)
      json_pure (~> 1.6.1)
      multi_json (~> 1.0.3)
    dm-timestamps (1.2.0)
      dm-core (~> 1.2.0)
    dm-transactions (1.2.0)
      dm-core (~> 1.2.0)
    dm-types (1.2.1)
      bcrypt-ruby (~> 3.0.0)
      dm-core (~> 1.2.0)
      fastercsv (~> 1.5.4)
      json (~> 1.6.1)
      multi_json (~> 1.0.3)
      stringex (~> 1.3.0)
      uuidtools (~> 2.1.2)
    dm-validations (1.2.0)
      dm-core (~> 1.2.0)
    do_postgres (0.10.8)
      data_objects (= 0.10.8)
    execjs (1.2.12)
      multi_json (~> 1.0)
    fastercsv (1.5.4)
    haml (3.1.4)
    highline (1.6.11)
    json (1.6.6)
    json_pure (1.6.6)
    kgio (2.7.4)
    multi_json (1.0.4)
    net-scp (1.0.4)
      net-ssh (>= 1.99.1)
    net-sftp (2.0.5)
      net-ssh (>= 2.0.9)
    net-ssh (2.3.0)
    net-ssh-gateway (1.1.0)
      net-ssh (>= 1.99.1)
    rack (1.4.1)
    rack-cache (1.2)
      rack (>= 0.4)
    rack-protection (1.2.0)
      rack
    raindrops (0.8.0)
    sass (3.1.16)
    sinatra (1.3.2)
      rack (~> 1.3, >= 1.3.6)
      rack-protection (~> 1.2)
      tilt (~> 1.3, >= 1.3.3)
    stringex (1.3.3)
    tilt (1.3.3)
    unicorn (4.3.0)
      kgio (~> 2.6)
      rack
      raindrops (~> 0.7)
    uuidtools (2.1.2)
    yajl-ruby (1.1.0)

PLATFORMS
  ruby

DEPENDENCIES
  GeoRuby
  capistrano (~> 2.9.0)
  capistrano-bengler!
  coffee-script
  dalli
  data_mapper
  dm-postgis
  dm-postgres-adapter
  haml
  hupper!
  o5-logging!
  rack
  rack-cache
  sass
  sinatra
  unicorn
  yajl-ruby
